PATH
  remote: .
  specs:
    yml_validator (0.1.0)

GEM
  remote: https://rubygems.org/
  specs:
    diff-lcs (1.2.5)
    rake (10.4.2)
    rspec (3.1.0)
      rspec-core (~> 3.1.0)
      rspec-expectations (~> 3.1.0)
      rspec-mocks (~> 3.1.0)
    rspec-core (3.1.4)
      rspec-support (~> 3.1.0)
    rspec-expectations (3.1.1)
      diff-lcs (>= 1.2.0, < 2.0)
      rspec-support (~> 3.1.0)
    rspec-mocks (3.1.1)
      rspec-support (~> 3.1.0)
    rspec-support (3.1.0)

PLATFORMS
  ruby

DEPENDENCIES
  rake
  rspec
  yml_validator!
